PATH
  remote: .
  specs:
    ruby-llvm (13.0.0)
      ffi (~> 1.13.1)
      rake (>= 12, < 14)

GEM
  remote: http://rubygems.org/
  specs:
    ansi (1.5.0)
    builder (3.2.4)
    docile (1.4.0)
    ffi (1.13.1)
    ffi_gen (1.2.0)
      ffi (~> 1.0)
    minitest (5.14.4)
    minitest-reporters (1.4.3)
      ansi
      builder
      minitest (>= 5.0)
      ruby-progressbar
    rake (13.0.6)
    ruby-progressbar (1.11.0)
    simplecov (0.21.2)
      docile (~> 1.1)
      simplecov-html (~> 0.11)
      simplecov_json_formatter (~> 0.1)
    simplecov-html (0.12.3)
    simplecov_json_formatter (0.1.3)
    yard (0.9.26)

PLATFORMS
  ruby

DEPENDENCIES
  ffi_gen (~> 1.2.0)
  minitest (~> 5.14.1)
  minitest-reporters (~> 1.4.2)
  ruby-llvm!
  simplecov
  yard (~> 0.9.8)

BUNDLED WITH
   2.1.2
