PATH
  remote: .
  specs:
    ruby-llvm (8.0.0)
      ffi (~> 1.10.0)
      rake (~> 12.0)

GEM
  remote: http://rubygems.org/
  specs:
    ansi (1.5.0)
    builder (3.2.3)
    docile (1.3.1)
    ffi (1.10.0)
    ffi_gen (1.2.0)
      ffi (~> 1.0)
    json (2.2.0)
    minitest (5.11.3)
    minitest-reporters (1.3.6)
      ansi
      builder
      minitest (>= 5.0)
      ruby-progressbar
    rake (12.3.2)
    ruby-progressbar (1.10.0)
    simplecov (0.16.1)
      docile (~> 1.1)
      json (>= 1.8, < 3)
      simplecov-html (~> 0.10.0)
    simplecov-html (0.10.2)
    yard (0.9.24)

PLATFORMS
  ruby

DEPENDENCIES
  ffi_gen (~> 1.2.0)
  minitest (~> 5.11.3)
  minitest-reporters (~> 1.3.6)
  ruby-llvm!
  simplecov
  yard (~> 0.9.8)

BUNDLED WITH
   1.16.4
