PATH
  remote: .
  specs:
    ruby-llvm (15.0.2)
      ffi (~> 1.13)
      rake (>= 12, < 14)

GEM
  remote: http://rubygems.org/
  specs:
    ansi (1.5.0)
    ast (2.4.2)
    builder (3.2.4)
    debug (1.7.1)
      irb (>= 1.5.0)
      reline (>= 0.3.1)
    docile (1.4.0)
    ffi (1.15.5)
    ffi_gen (1.2.0)
      ffi (~> 1.0)
    io-console (0.6.0)
    irb (1.6.2)
      reline (>= 0.3.0)
    json (2.6.3)
    minitest (5.17.0)
    minitest-reporters (1.6.0)
      ansi
      builder
      minitest (>= 5.0)
      ruby-progressbar
    parallel (1.22.1)
    parser (3.2.0.0)
      ast (~> 2.4.1)
    rainbow (3.1.1)
    rake (13.0.6)
    regexp_parser (2.7.0)
    reline (0.3.2)
      io-console (~> 0.5)
    rexml (3.2.5)
    rubocop (1.45.1)
      json (~> 2.3)
      parallel (~> 1.10)
      parser (>= 3.2.0.0)
      rainbow (>= 2.2.2, < 4.0)
      regexp_parser (>= 1.8, < 3.0)
      rexml (>= 3.2.5, < 4.0)
      rubocop-ast (>= 1.24.1, < 2.0)
      ruby-progressbar (~> 1.7)
      unicode-display_width (>= 2.4.0, < 3.0)
    rubocop-ast (1.24.1)
      parser (>= 3.1.1.0)
    rubocop-minitest (0.27.0)
      rubocop (>= 0.90, < 2.0)
    rubocop-performance (1.16.0)
      rubocop (>= 1.7.0, < 2.0)
      rubocop-ast (>= 0.4.0)
    ruby-progressbar (1.11.0)
    simplecov (0.22.0)
      docile (~> 1.1)
      simplecov-html (~> 0.11)
      simplecov_json_formatter (~> 0.1)
    simplecov-html (0.12.3)
    simplecov_json_formatter (0.1.4)
    unicode-display_width (2.4.2)
    webrick (1.7.0)
    yard (0.9.28)
      webrick (~> 1.7.0)

PLATFORMS
  x86_64-linux

DEPENDENCIES
  debug
  ffi_gen (~> 1.2)
  minitest (~> 5.16)
  minitest-reporters (~> 1.5)
  rubocop (~> 1.31)
  rubocop-minitest
  rubocop-performance
  ruby-llvm!
  simplecov
  yard (~> 0.9)

BUNDLED WITH
   2.3.15
